GEM
  remote: http://rubygems.org/
  specs:
    curb (0.7.15)

PLATFORMS
  ruby

DEPENDENCIES
  curb
